PATH
  remote: .
  specs:
    peatio-bitcoincash (3.1.0)
      activesupport (>= 6.1.0)
      cash-addr (~> 0.2.0)
      faraday (~> 1.10)
      memoist (~> 0.16.0)
      net-http-persistent (~> 4.0.1)
      peatio-dao (>= 3.1.3)

GEM
  remote: https://rubygems.org/
  specs:
    activemodel (8.0.2)
      activesupport (= 8.0.2)
    activesupport (8.0.2)
      base64
      benchmark (>= 0.3)
      bigdecimal
      concurrent-ruby (~> 1.0, >= 1.3.1)
      connection_pool (>= 2.2.5)
      drb
      i18n (>= 1.6, < 2)
      logger (>= 1.4.2)
      minitest (>= 5.1)
      securerandom (>= 0.3)
      tzinfo (~> 2.0, >= 2.0.5)
      uri (>= 0.13.1)
    addressable (2.8.7)
      public_suffix (>= 2.0.2, < 7.0)
    amq-protocol (2.3.3)
    amqp (1.8.0)
      amq-protocol (>= 2.2.0)
      eventmachine
    base58 (0.2.3)
    base64 (0.2.0)
    benchmark (0.4.0)
    bigdecimal (3.1.9)
    bunny (2.24.0)
      amq-protocol (~> 2.3)
      sorted_set (~> 1, >= 1.0.2)
    byebug (12.0.0)
    cash-addr (0.2.0)
      base58 (~> 0.2.2)
    clamp (1.3.2)
    coderay (1.1.3)
    concurrent-ruby (1.3.5)
    connection_pool (2.5.2)
    crack (1.0.0)
      bigdecimal
      rexml
    daemons (1.4.1)
    diff-lcs (1.6.1)
    drb (2.2.1)
    em-synchrony (1.0.6)
      eventmachine (>= 1.0.0.beta.1)
    em-websocket (0.5.3)
      eventmachine (>= 0.12.9)
      http_parser.rb (~> 0)
    event_emitter (0.2.6)
    eventmachine (1.2.7)
    faraday (1.10.4)
      faraday-em_http (~> 1.0)
      faraday-em_synchrony (~> 1.0)
      faraday-excon (~> 1.1)
      faraday-httpclient (~> 1.0)
      faraday-multipart (~> 1.0)
      faraday-net_http (~> 1.0)
      faraday-net_http_persistent (~> 1.0)
      faraday-patron (~> 1.0)
      faraday-rack (~> 1.0)
      faraday-retry (~> 1.0)
      ruby2_keywords (>= 0.0.4)
    faraday-em_http (1.0.0)
    faraday-em_synchrony (1.0.0)
    faraday-excon (1.1.0)
    faraday-httpclient (1.0.1)
    faraday-multipart (1.1.0)
      multipart-post (~> 2.0)
    faraday-net_http (1.0.2)
    faraday-net_http_persistent (1.2.0)
    faraday-patron (1.0.0)
    faraday-rack (1.0.0)
    faraday-retry (1.0.3)
    hashdiff (1.1.2)
    http_parser.rb (0.8.0)
    i18n (1.14.7)
      concurrent-ruby (~> 1.0)
    jwt (2.10.1)
      base64
    logger (1.7.0)
    memoist (0.16.2)
    method_source (1.1.0)
    minitest (5.25.5)
    mocha (1.16.1)
    multipart-post (2.4.1)
    mutex_m (0.3.0)
    mysql2 (0.5.6)
    net-http-persistent (4.0.5)
      connection_pool (~> 2.2)
    peatio-dao (3.1.3)
      activemodel (> 5.2)
      amqp
      bunny
      clamp
      em-synchrony (~> 1.0)
      em-websocket
      eventmachine
      faraday (~> 1.10)
      jwt
      mysql2
      prometheus-client
      thin
      websocket-client-simple (~> 0.9.0)
    prometheus-client (4.2.4)
      base64
    pry (0.15.2)
      coderay (~> 1.1)
      method_source (~> 1.0)
    pry-byebug (3.11.0)
      byebug (~> 12.0)
      pry (>= 0.13, < 0.16)
    public_suffix (6.0.1)
    rack (2.2.13)
    rake (13.2.1)
    rbtree (0.4.6)
    rexml (3.4.1)
    rspec (3.13.0)
      rspec-core (~> 3.13.0)
      rspec-expectations (~> 3.13.0)
      rspec-mocks (~> 3.13.0)
    rspec-core (3.13.3)
      rspec-support (~> 3.13.0)
    rspec-expectations (3.13.3)
      diff-lcs (>= 1.2.0, < 2.0)
      rspec-support (~> 3.13.0)
    rspec-mocks (3.13.2)
      diff-lcs (>= 1.2.0, < 2.0)
      rspec-support (~> 3.13.0)
    rspec-support (3.13.2)
    ruby2_keywords (0.0.5)
    securerandom (0.4.1)
    set (1.1.1)
    sorted_set (1.0.3)
      rbtree
      set (~> 1.0)
    thin (1.8.2)
      daemons (~> 1.0, >= 1.0.9)
      eventmachine (~> 1.0, >= 1.0.4)
      rack (>= 1, < 3)
    tzinfo (2.0.6)
      concurrent-ruby (~> 1.0)
    uri (1.0.3)
    webmock (3.25.1)
      addressable (>= 2.8.0)
      crack (>= 0.3.2)
      hashdiff (>= 0.4.0, < 2.0.0)
    websocket (1.2.11)
    websocket-client-simple (0.9.0)
      base64
      event_emitter
      mutex_m
      websocket

PLATFORMS
  ruby
  x86_64-linux

DEPENDENCIES
  bundler (~> 2.6.6)
  mocha (~> 1.8)
  peatio-bitcoincash!
  pry-byebug
  rake (~> 13.0)
  rspec (~> 3.0)
  webmock (~> 3.5)

BUNDLED WITH
   2.6.6
